GEM
  remote: https://rubygems.org/
  specs:
    activemodel (4.1.1)
      activesupport (= 4.1.1)
      builder (~> 3.1)
    activerecord (4.1.1)
      activemodel (= 4.1.1)
      activesupport (= 4.1.1)
      arel (~> 5.0.0)
    activesupport (4.1.1)
      i18n (~> 0.6, >= 0.6.9)
      json (~> 1.7, >= 1.7.7)
      minitest (~> 5.1)
      thread_safe (~> 0.1)
      tzinfo (~> 1.1)
    ancestry (2.1.0)
      activerecord (>= 3.0.0)
    arel (5.0.1.20140414130214)
    awesome_print (1.2.0)
    builder (3.2.2)
    domain_name (0.5.19)
      unf (>= 0.0.5, < 1.0.0)
    http-cookie (1.0.2)
      domain_name (~> 0.5)
    i18n (0.6.9)
    json (1.8.1)
    mechanize (2.7.3)
      domain_name (~> 0.5, >= 0.5.1)
      http-cookie (~> 1.0)
      mime-types (~> 2.0)
      net-http-digest_auth (~> 1.1, >= 1.1.1)
      net-http-persistent (~> 2.5, >= 2.5.2)
      nokogiri (~> 1.4)
      ntlm-http (~> 0.1, >= 0.1.1)
      webrobots (>= 0.0.9, < 0.2)
    mime-types (2.3)
    mini_portile (0.6.0)
    minitest (5.3.5)
    mysql2 (0.3.16)
    net-http-digest_auth (1.4)
    net-http-persistent (2.9.4)
    nokogiri (1.6.2.1)
      mini_portile (= 0.6.0)
    ntlm-http (0.1.1)
    sugarcrm (0.9.18)
      activesupport (>= 2.3.10)
      i18n
      json
    text (1.3.0)
    thread_safe (0.3.4)
    tzinfo (1.2.1)
      thread_safe (~> 0.1)
    unf (0.1.4)
      unf_ext
    unf_ext (0.0.6)
    webrobots (0.1.1)

PLATFORMS
  ruby

DEPENDENCIES
  activerecord
  ancestry
  awesome_print
  mechanize
  mysql2
  sugarcrm
  text
